GEM
  remote: https://rubygems.org/
  specs:
    mime-types (1.21)
    rest-client (1.6.7)
      mime-types (>= 1.16)
    thor (0.17.0)

PLATFORMS
  ruby

DEPENDENCIES
  rest-client
  thor
